{
    "Modality": "MR",
    "MagneticFieldStrength": 3,
    "Manufacturer": "Philips",
    "ManufacturersModelName": "Intera",
    "InstitutionName": "OHSU_MRI3",
    "DeviceSerialNumber": "4sEr9bzYud6E",
    "BodyPartExamined": "BRAIN",
    "PatientPosition": "HFS",
    "SoftwareVersions": "3.2.1_3.2.1.1",
    "MRAcquisitionType": "3D",
    "SeriesDescription": "MPRAGE",
    "ProtocolName": "MPRAGE_SENSE",
    "ScanningSequence": "GR",
    "SequenceVariant": "MP",
    "ScanOptions": "OTHER",
    "ImageType": [
        "ORIGINAL",
        "PRIMARY",
        "M",
        "FFE",
        "M",
        "FFE"
    ],
    "SeriesNumber": 301,
    "AcquisitionTime": "09:48:6.030000",
    "AcquisitionNumber": 3,
    "PhilipsRescaleSlope": 3.72454,
    "PhilipsRescaleIntercept": 0,
    "PhilipsScaleSlope": 0.000321432,
    "UsePhilipsFloatNotDisplayScaling": 1,
    "SliceThickness": 1.2,
    "SpacingBetweenSlices": 1.2,
    "SAR": 0.0214957,
    "EchoTime": 0.00316,
    "RepetitionTime": 0.0068054,
    "FlipAngle": 9,
    "PercentPhaseFOV": 93.75,
    "EchoTrainLength": 240,
    "PhaseEncodingSteps": 256,
    "AcquisitionMatrixPE": 256,
    "ReconMatrixPE": 256,
    "PixelBandwidth": 241,
    "ImageOrientationPatientDICOM": [
        0,
        1,
        0,
        0,
        0,
        -1
    ],
    "InPlanePhaseEncodingDirectionDICOM": "ROW",
    "ConversionSoftware": "dcm2niix",
    "ConversionSoftwareVersion": "v1.0.20171215 (OpenJPEG build) GCC7.3.0",
    "ImageID": "I404371",
    "ScanDate": "2014-01-09"
}