{
    "Modality": "PT",
    "Manufacturer": "Philips",
    "ManufacturersModelName": "GEMINI_TF_TOF_16",
    "InstitutionName": "OHSU",
    "DeviceSerialNumber": "4X3InxozVe8I",
    "PatientPosition": "HFS",
    "SoftwareVersions": "9.5.1_PMSPT1.44",
    "SeriesDescription": "ADNI_Brain_PET:_Raw_AV45",
    "ProtocolName": "ADNI_Brain_PET:_Raw_AV45",
    "ImageType": [
        "ORIGINAL",
        "PRIMARY"
    ],
    "SeriesNumber": 51840,
    "AcquisitionTime": "16:27:11.000000",
    "PhilipsRescaleSlope": 1,
    "PhilipsRescaleIntercept": 0,
    "PhilipsScaleSlope": 0,
    "UsePhilipsFloatNotDisplayScaling": 1,
    "RadionuclidePositronFraction": 0.967,
    "RadionuclideTotalDose": 391053000.0,
    "RadionuclideHalfLife": 6586.2,
    "SliceThickness": 2,
    "ReconMatrixPE": 128,
    "ImageOrientationPatientDICOM": [
        1,
        0,
        0,
        0,
        1,
        0
    ],
    "ConversionSoftware": "dcm2niix",
    "ConversionSoftwareVersion": "v1.0.20171215 (OpenJPEG build) GCC7.3.0",
    "ImageID": "I467654",
    "TracerName": "fbp",
    "TracerRadionuclide": "TracerRadionuclide",
    "ModeOfAdministration": "ModeOfAdministration",
    "InjectedRadioactivity": 666,
    "InjectedRadioactivityUnits": "MBq",
    "InjectedMass": 666,
    "InjectedMassUnits": "ug",
    "SpecificRadioactivity": 666,
    "SpecificRadioactivityUnits": "MBq/ug",
    "TimeZero": "00:00:00",
    "ScanStart": 0,
    "InjectionStart": 0,
    "FrameTimesStart": [
        0,
        10,
        20,
        30,
        40,
        50,
        60,
        80,
        100,
        120,
        140,
        160,
        180,
        240,
        300,
        360,
        420,
        480,
        540,
        660,
        780,
        900,
        1020
    ],
    "AcquisitionMode": "list mode",
    "ImageDecayCorrected": true,
    "ImageDecayCorrectionTime": 0,
    "ReconMethodName": "\"3D-OSEM-PSF",
    "ReconMethodParameterLabels": [
        "subsets",
        "iterations"
    ],
    "ReconMethodParameterUnits": [
        "none",
        "none"
    ],
    "ReconMethodParameterValues": [
        666,
        666
    ],
    "ReconFilterType": "none",
    "ReconFilterSize": 666,
    "AttenuationCorrection": "[137Cs]transmission scan-based",
    "InfusionRadioactivity": 666,
    "InfusionStart": 666,
    "InfusionSpeed": 666,
    "InfusionSpeedUnits": "InfusionSpeedUnits",
    "InjectedVolume": 666,
    "ScanDate": "2015-01-05"
}