{
    "Modality": "MR",
    "MagneticFieldStrength": 3,
    "Manufacturer": "Philips",
    "ManufacturersModelName": "Intera",
    "InstitutionName": "OHSU_MRI3",
    "DeviceSerialNumber": "4sEr9bzYud6E",
    "BodyPartExamined": "BRAIN",
    "PatientPosition": "HFS",
    "SoftwareVersions": "3.2.3_3.2.3.1",
    "MRAcquisitionType": "2D",
    "SeriesDescription": "Axial_T2-Star",
    "ProtocolName": "Axial_T2-Star_SENSE",
    "ScanningSequence": "GR",
    "SequenceVariant": "SS",
    "ScanOptions": "FC",
    "ImageType": [
        "ORIGINAL",
        "PRIMARY",
        "M",
        "FFE",
        "M",
        "FFE"
    ],
    "SeriesNumber": 801,
    "AcquisitionTime": "18:32:41.850000",
    "AcquisitionNumber": 8,
    "PhilipsRescaleSlope": 2.79316,
    "PhilipsRescaleIntercept": 0,
    "PhilipsScaleSlope": 0.00626254,
    "UsePhilipsFloatNotDisplayScaling": 1,
    "SliceThickness": 4,
    "SpacingBetweenSlices": 4,
    "SAR": 0.00315149,
    "EchoTime": 0.02,
    "RepetitionTime": 0.650001,
    "FlipAngle": 20,
    "PercentPhaseFOV": 100,
    "PhaseEncodingSteps": 200,
    "AcquisitionMatrixPE": 200,
    "ReconMatrixPE": 256,
    "PixelBandwidth": 202,
    "ImageOrientationPatientDICOM": [
        0.999905,
        0.0137877,
        0,
        -0.0137877,
        0.999905,
        0
    ],
    "InPlanePhaseEncodingDirectionDICOM": "ROW",
    "ConversionSoftware": "dcm2niix",
    "ConversionSoftwareVersion": "v1.0.20171215 (OpenJPEG build) GCC7.3.0",
    "ImageID": "I467647",
    "ScanDate": "2015-01-05"
}