{
    "Modality": "MR",
    "MagneticFieldStrength": 3,
    "Manufacturer": "Philips",
    "ManufacturersModelName": "Intera",
    "InstitutionName": "OHSU_MRI3",
    "DeviceSerialNumber": "4sEr9bzYud6E",
    "BodyPartExamined": "BRAIN",
    "PatientPosition": "HFS",
    "SoftwareVersions": "3.2.3_3.2.3.1",
    "MRAcquisitionType": "2D",
    "SeriesDescription": "Axial_T2-TSE_with_Fat_Sat",
    "ProtocolName": "Axial_T2-TSE_with_Fat_Sat_CLEAR",
    "ScanningSequence": "SE",
    "SequenceVariant": "SK",
    "ScanOptions": "FS",
    "ImageType": [
        "ORIGINAL",
        "PRIMARY",
        "M",
        "SE",
        "M",
        "SE"
    ],
    "SeriesNumber": 601,
    "AcquisitionTime": "18:23:42.170000",
    "AcquisitionNumber": 6,
    "PhilipsRescaleSlope": 1.65592,
    "PhilipsRescaleIntercept": 0,
    "PhilipsScaleSlope": 0.00622926,
    "UsePhilipsFloatNotDisplayScaling": 1,
    "SliceThickness": 4,
    "SpacingBetweenSlices": 4,
    "SAR": 0.212746,
    "EchoTime": 0.08,
    "RepetitionTime": 3,
    "FlipAngle": 90,
    "PercentPhaseFOV": 100,
    "EchoTrainLength": 15,
    "PhaseEncodingSteps": 255,
    "AcquisitionMatrixPE": 255,
    "ReconMatrixPE": 256,
    "PixelBandwidth": 153,
    "ImageOrientationPatientDICOM": [
        0.999905,
        0.0137877,
        0,
        -0.0137877,
        0.999905,
        0
    ],
    "InPlanePhaseEncodingDirectionDICOM": "ROW",
    "ConversionSoftware": "dcm2niix",
    "ConversionSoftwareVersion": "v1.0.20171215 (OpenJPEG build) GCC7.3.0",
    "ImageID": "I467648",
    "ScanDate": "2015-01-05"
}