{
    "Modality": "MR",
    "MagneticFieldStrength": 3,
    "Manufacturer": "Philips",
    "ManufacturersModelName": "Intera",
    "InstitutionName": "OHSU_MRI3",
    "DeviceSerialNumber": "4sEr9bzYud6E",
    "BodyPartExamined": "BRAIN",
    "PatientPosition": "HFS",
    "SoftwareVersions": "3.2.1_3.2.1.1",
    "MRAcquisitionType": "2D",
    "SeriesDescription": "Axial_T2-FLAIR",
    "ProtocolName": "Axial_T2-FLAIR_SENSE",
    "ScanningSequence": "IR",
    "SequenceVariant": "SK",
    "ScanOptions": "OTHER",
    "ImageType": [
        "ORIGINAL",
        "PRIMARY",
        "M",
        "IR",
        "M",
        "IR"
    ],
    "SeriesNumber": 701,
    "AcquisitionTime": "10:04:16.030000",
    "AcquisitionNumber": 7,
    "PhilipsRescaleSlope": 1.78462,
    "PhilipsRescaleIntercept": 0,
    "PhilipsScaleSlope": 0.005635,
    "UsePhilipsFloatNotDisplayScaling": 1,
    "SliceThickness": 5,
    "SpacingBetweenSlices": 5,
    "SAR": 0.110019,
    "EchoTime": 0.09,
    "RepetitionTime": 9,
    "InversionTime": 2.5,
    "FlipAngle": 90,
    "PercentPhaseFOV": 100,
    "EchoTrainLength": 19,
    "PhaseEncodingSteps": 237,
    "AcquisitionMatrixPE": 237,
    "ReconMatrixPE": 256,
    "PixelBandwidth": 222,
    "ImageOrientationPatientDICOM": [
        1,
        0,
        0,
        0,
        1,
        0
    ],
    "InPlanePhaseEncodingDirectionDICOM": "ROW",
    "ConversionSoftware": "dcm2niix",
    "ConversionSoftwareVersion": "v1.0.20171215 (OpenJPEG build) GCC7.3.0",
    "ImageID": "I274152",
    "ScanDate": "2011-12-22"
}