{
    "Modality": "MR",
    "MagneticFieldStrength": 3,
    "Manufacturer": "Philips",
    "ManufacturersModelName": "Intera",
    "InstitutionName": "OHSU_MRI3",
    "DeviceSerialNumber": "4sEr9bzYud6E",
    "BodyPartExamined": "BRAIN",
    "PatientPosition": "HFS",
    "SoftwareVersions": "3.2.1_3.2.1.1",
    "MRAcquisitionType": "3D",
    "SeriesDescription": "MPRAGE_SENSE2",
    "ProtocolName": "MPRAGE_SENSE2_SENSE",
    "ScanningSequence": "GR",
    "SequenceVariant": "MP",
    "ScanOptions": "OTHER",
    "ImageType": [
        "ORIGINAL",
        "PRIMARY",
        "M",
        "FFE",
        "M",
        "FFE"
    ],
    "SeriesNumber": 401,
    "AcquisitionTime": "09:48:15.530000",
    "AcquisitionNumber": 4,
    "PhilipsRescaleSlope": 3.56654,
    "PhilipsRescaleIntercept": 0,
    "PhilipsScaleSlope": 0.000367277,
    "UsePhilipsFloatNotDisplayScaling": 1,
    "SliceThickness": 1.2,
    "SpacingBetweenSlices": 1.2,
    "SAR": 0.0224769,
    "EchoTime": 0.003112,
    "RepetitionTime": 0.0067616,
    "FlipAngle": 9,
    "PercentPhaseFOV": 93.4426,
    "EchoTrainLength": 233,
    "PhaseEncodingSteps": 243,
    "AcquisitionMatrixPE": 243,
    "ReconMatrixPE": 256,
    "PixelBandwidth": 240,
    "ImageOrientationPatientDICOM": [
        0,
        1,
        0,
        0,
        0,
        -1
    ],
    "InPlanePhaseEncodingDirectionDICOM": "ROW",
    "ConversionSoftware": "dcm2niix",
    "ConversionSoftwareVersion": "v1.0.20171215 (OpenJPEG build) GCC7.3.0",
    "ImageID": "I274149",
    "ScanDate": "2011-12-22"
}