{
    "Modality": "MR",
    "MagneticFieldStrength": 1.5,
    "ImagingFrequency": 63.8662,
    "Manufacturer": "GE",
    "ManufacturersModelName": "SIGNA_EXCITE",
    "InstitutionName": "OHSU",
    "DeviceSerialNumber": "6X0JjThVVHYoLbjak6hj9vE",
    "PatientPosition": "HFS",
    "SoftwareVersions": "12_LX_MR_Software_release:12.0_M5B_0846.d",
    "MRAcquisitionType": "3D",
    "SeriesDescription": "MP-RAGE",
    "ProtocolName": "MP-RAGE",
    "ScanningSequence": "RM",
    "SequenceVariant": "NONE",
    "ScanOptions": "EDR_GEMS",
    "ImageType": [
        "ORIGINAL",
        "PRIMARY",
        "OTHER"
    ],
    "SeriesNumber": 2,
    "AcquisitionTime": "14:53:51.000000",
    "AcquisitionNumber": 1,
    "SliceThickness": 1.2,
    "SpacingBetweenSlices": 1.2,
    "SAR": 0.0598632,
    "EchoTime": 0.003924,
    "RepetitionTime": 0.008916,
    "InversionTime": 1,
    "FlipAngle": 8,
    "CoilString": "8HRBRAIN",
    "PercentPhaseFOV": 100,
    "AcquisitionMatrixPE": 192,
    "ReconMatrixPE": 256,
    "PixelBandwidth": 122.109,
    "ImageOrientationPatientDICOM": [
        0,
        1,
        0,
        0,
        0,
        -1
    ],
    "InPlanePhaseEncodingDirectionDICOM": "ROW",
    "ConversionSoftware": "dcm2niix",
    "ConversionSoftwareVersion": "v1.0.20181125  (JP2:OpenJPEG) GCC9.3.0",
    "ImageID": "I209891",
    "ScanDate": "2011-01-06"
}